GEM
  remote: https://rubygems.org/
  specs:
    backports (3.6.8)
    builder (3.2.2)
    chronic (0.10.2)
    coveralls (0.8.15)
      json (>= 1.8, < 3)
      simplecov (~> 0.12.0)
      term-ansicolor (~> 1.3)
      thor (~> 0.19.1)
      tins (>= 1.6.0, < 2)
    curb (0.9.3)
    daemons (1.2.4)
    dalli (2.7.6)
    docile (1.1.5)
    eventmachine (1.2.1)
    json (2.0.2)
    memcachier (0.0.2)
    mini_portile2 (2.1.0)
    multi_json (1.12.1)
    nokogiri (1.6.8.1)
      mini_portile2 (~> 2.1.0)
    power_assert (0.3.1)
    rack (1.6.5)
    rack-cache (1.6.1)
      rack (>= 0.4)
    rack-protection (1.5.3)
      rack
    rack-test (0.6.3)
      rack (>= 1.0)
    rollbar (2.13.3)
      multi_json
    simplecov (0.12.0)
      docile (~> 1.1.0)
      json (>= 1.8, < 3)
      simplecov-html (~> 0.10.0)
    simplecov-html (0.10.0)
    sinatra (1.4.7)
      rack (~> 1.5)
      rack-protection (~> 1.4)
      tilt (>= 1.3, < 3)
    sinatra-contrib (1.4.7)
      backports (>= 2.0)
      multi_json
      rack-protection
      rack-test
      sinatra (~> 1.4.0)
      tilt (>= 1.3, < 3)
    term-ansicolor (1.4.0)
      tins (~> 1.0)
    test-unit (3.2.2)
      power_assert
    thin (1.7.0)
      daemons (~> 1.0, >= 1.0.9)
      eventmachine (~> 1.0, >= 1.0.4)
      rack (>= 1, < 3)
    thor (0.19.1)
    tilt (2.0.5)
    tins (1.12.0)

PLATFORMS
  ruby

DEPENDENCIES
  builder
  chronic
  coveralls
  curb
  dalli
  json
  memcachier
  nokogiri
  rack
  rack-cache
  rack-test
  rollbar
  sinatra
  sinatra-contrib
  test-unit
  thin

RUBY VERSION
   ruby 2.3.1p112

BUNDLED WITH
   1.12.5
