GEM
  remote: https://rubygems.org/
  specs:
    backports (3.8.0)
    benchmark-ips (2.7.2)
    builder (3.2.3)
    chronic (0.10.2)
    coveralls (0.8.21)
      json (>= 1.8, < 3)
      simplecov (~> 0.14.1)
      term-ansicolor (~> 1.3)
      thor (~> 0.19.4)
      tins (~> 1.6)
    curb (0.9.3)
    daemons (1.2.4)
    dalli (2.7.6)
    derailed_benchmarks (1.3.2)
      benchmark-ips (~> 2)
      get_process_mem (~> 0)
      heapy (~> 0)
      memory_profiler (~> 0)
      rack (>= 1)
      rake (> 10, < 13)
      thor (~> 0.19)
    docile (1.1.5)
    eventmachine (1.2.3)
    flamegraph (0.9.5)
    get_process_mem (0.2.1)
    heapy (0.1.2)
    json (2.1.0)
    memcachier (0.0.2)
    memory_profiler (0.9.8)
    mini_portile2 (2.4.0)
    multi_json (1.12.1)
    mustermann (1.0.0)
    nokogiri (1.10.8)
      mini_portile2 (~> 2.4.0)
    power_assert (1.0.2)
    rack (2.0.3)
    rack-cache (1.7.0)
      rack (>= 0.4)
    rack-mini-profiler (0.10.5)
      rack (>= 1.2.0)
    rack-protection (2.0.0)
      rack
    rack-test (0.7.0)
      rack (>= 1.0, < 3)
    rake (12.0.0)
    redis (3.3.3)
    rollbar (2.15.0)
      multi_json
    simplecov (0.14.1)
      docile (~> 1.1.0)
      json (>= 1.8, < 3)
      simplecov-html (~> 0.10.0)
    simplecov-html (0.10.1)
    sinatra (2.0.0)
      mustermann (~> 1.0)
      rack (~> 2.0)
      rack-protection (= 2.0.0)
      tilt (~> 2.0)
    sinatra-contrib (2.0.0)
      backports (>= 2.0)
      multi_json
      mustermann (~> 1.0)
      rack-protection (= 2.0.0)
      sinatra (= 2.0.0)
      tilt (>= 1.3, < 3)
    stackprof (0.2.10)
    term-ansicolor (1.6.0)
      tins (~> 1.0)
    test-unit (3.2.5)
      power_assert
    thin (1.7.2)
      daemons (~> 1.0, >= 1.0.9)
      eventmachine (~> 1.0, >= 1.0.4)
      rack (>= 1, < 3)
    thor (0.19.4)
    tilt (2.0.7)
    tins (1.15.0)

PLATFORMS
  ruby

DEPENDENCIES
  builder
  chronic
  coveralls
  curb
  dalli
  derailed_benchmarks
  flamegraph
  json
  memcachier
  nokogiri
  rack
  rack-cache
  rack-mini-profiler
  rack-test
  rake
  redis
  rollbar
  sinatra
  sinatra-contrib
  stackprof
  test-unit
  thin

RUBY VERSION
   ruby 2.4.0p0

BUNDLED WITH
   1.15.2
