GEM
  remote: https://rubygems.org/
  specs:
    backports (3.6.8)
    benchmark-ips (2.7.2)
    builder (3.2.3)
    chronic (0.10.2)
    coveralls (0.8.19)
      json (>= 1.8, < 3)
      simplecov (~> 0.12.0)
      term-ansicolor (~> 1.3)
      thor (~> 0.19.1)
      tins (~> 1.6)
    curb (0.9.3)
    daemons (1.2.4)
    dalli (2.7.6)
    derailed_benchmarks (1.0.0)
      benchmark-ips (~> 2)
      get_process_mem (~> 0)
      memory_profiler (~> 0)
      rack (~> 1)
      rake (~> 10.4)
    docile (1.1.5)
    eventmachine (1.2.3)
    flamegraph (0.9.5)
    get_process_mem (0.2.1)
    json (2.0.3)
    memcachier (0.0.2)
    memory_profiler (0.9.8)
    mini_portile2 (2.1.0)
    multi_json (1.12.1)
    nokogiri (1.7.0.1)
      mini_portile2 (~> 2.1.0)
    power_assert (1.0.1)
    rack (1.6.5)
    rack-cache (1.7.0)
      rack (>= 0.4)
    rack-mini-profiler (0.10.2)
      rack (>= 1.2.0)
    rack-protection (1.5.3)
      rack
    rack-test (0.6.3)
      rack (>= 1.0)
    rake (10.5.0)
    rollbar (2.14.0)
      multi_json
    simplecov (0.12.0)
      docile (~> 1.1.0)
      json (>= 1.8, < 3)
      simplecov-html (~> 0.10.0)
    simplecov-html (0.10.0)
    sinatra (1.4.8)
      rack (~> 1.5)
      rack-protection (~> 1.4)
      tilt (>= 1.3, < 3)
    sinatra-contrib (1.4.7)
      backports (>= 2.0)
      multi_json
      rack-protection
      rack-test
      sinatra (~> 1.4.0)
      tilt (>= 1.3, < 3)
    stackprof (0.2.10)
    term-ansicolor (1.4.0)
      tins (~> 1.0)
    test-unit (3.2.3)
      power_assert
    thin (1.7.0)
      daemons (~> 1.0, >= 1.0.9)
      eventmachine (~> 1.0, >= 1.0.4)
      rack (>= 1, < 3)
    thor (0.19.4)
    tilt (2.0.6)
    tins (1.13.2)

PLATFORMS
  ruby

DEPENDENCIES
  builder
  chronic
  coveralls
  curb
  dalli
  derailed_benchmarks
  flamegraph
  json
  memcachier
  nokogiri
  rack
  rack-cache
  rack-mini-profiler
  rack-test
  rake
  rollbar
  sinatra
  sinatra-contrib
  stackprof
  test-unit
  thin

RUBY VERSION
   ruby 2.3.1p112

BUNDLED WITH
   1.12.5
