GEM
  remote: https://rubygems.org/
  specs:
    builder (3.2.2)
    curb (0.9.1)
    daemons (1.2.3)
    eventmachine (1.0.9.1)
    json (1.8.3)
    mini_portile2 (2.0.0)
    nokogiri (1.6.7.1)
      mini_portile2 (~> 2.0.0.rc2)
    rack (1.6.4)
    rack-cache (1.5.1)
      rack (>= 0.4)
    sinatra (1.1.0)
      rack (~> 1.1)
      tilt (~> 1.1)
    thin (1.6.4)
      daemons (~> 1.0, >= 1.0.9)
      eventmachine (~> 1.0, >= 1.0.4)
      rack (~> 1.0)
    tilt (1.4.1)

PLATFORMS
  ruby

DEPENDENCIES
  builder
  curb
  json
  nokogiri
  rack
  rack-cache
  sinatra (= 1.1.0)
  thin

BUNDLED WITH
   1.11.2
